GEM
  remote: https://rubygems.org/
  specs:
    activesupport (5.0.1)
      concurrent-ruby (~> 1.0, >= 1.0.2)
      i18n (~> 0.7)
      minitest (~> 5.1)
      tzinfo (~> 1.1)
    addressable (2.5.0)
      public_suffix (~> 2.0, >= 2.0.2)
    bcrypt (3.1.11)
    byebug (9.0.6)
    coderay (1.1.1)
    concurrent-ruby (1.0.4)
    cors (1.0.0)
    database_cleaner (1.5.3)
    diff-lcs (1.3)
    dotenv (2.2.0)
    dry-configurable (0.6.2)
      concurrent-ruby (~> 1.0)
    dry-container (0.6.0)
      concurrent-ruby (~> 1.0)
      dry-configurable (~> 0.1, >= 0.1.3)
    dry-core (0.2.4)
      concurrent-ruby (~> 1.0)
    dry-equalizer (0.2.0)
    dry-initializer (0.11.0)
    dry-logic (0.4.1)
      dry-container (~> 0.2, >= 0.2.6)
      dry-core (~> 0.2)
      dry-equalizer (~> 0.2)
    dry-struct (0.2.1)
      dry-configurable (~> 0.1)
      dry-equalizer (~> 0.2)
      dry-types (~> 0.9, >= 0.9.0)
      ice_nine (~> 0.11)
    dry-types (0.9.4)
      concurrent-ruby (~> 1.0)
      dry-configurable (~> 0.1)
      dry-container (~> 0.3)
      dry-core (~> 0.2, >= 0.2.1)
      dry-equalizer (~> 0.2)
      dry-logic (~> 0.4, >= 0.4.0)
      inflecto (~> 0.0.0, >= 0.0.2)
    dry-validation (0.10.5)
      concurrent-ruby (~> 1.0)
      dry-configurable (~> 0.1, >= 0.1.3)
      dry-core (~> 0.2, >= 0.2.1)
      dry-equalizer (~> 0.2)
      dry-logic (~> 0.4, >= 0.4.0)
      dry-types (~> 0.9, >= 0.9.0)
    faraday (0.11.0)
      multipart-post (>= 1.2, < 3)
    hanami (1.0.0.beta2)
      bundler (~> 1.13)
      concurrent-ruby (~> 1.0)
      hanami-assets (~> 1.0.0.beta1)
      hanami-controller (~> 1.0.0.beta2)
      hanami-helpers (~> 1.0.0.beta1)
      hanami-mailer (~> 1.0.0.beta1)
      hanami-router (~> 1.0.0.beta2)
      hanami-utils (~> 1.0.0.beta2)
      hanami-validations (~> 1.0.0.beta1)
      hanami-view (~> 1.0.0.beta1)
      thor (~> 0.19)
    hanami-assets (1.0.0.beta1)
      hanami-helpers (~> 1.0.0.beta1)
      hanami-utils (~> 1.0.0.beta1)
      tilt (~> 2.0, >= 2.0.2)
    hanami-controller (1.0.0.beta2)
      hanami-utils (~> 1.0.0.beta1)
      rack (~> 2.0)
    hanami-helpers (1.0.0.beta1)
      hanami-utils (~> 1.0.0.beta1)
    hanami-mailer (1.0.0.beta1)
      hanami-utils (~> 1.0.0.beta1)
      mail (~> 2.5)
      tilt (~> 2.0, >= 2.0.1)
    hanami-model (1.0.0.beta2)
      concurrent-ruby (~> 1.0)
      dry-types (~> 0.9)
      hanami-utils (~> 1.0.0.beta)
      rom-repository (~> 1.2)
      rom-sql (~> 1.1)
    hanami-router (1.0.0.beta2)
      hanami-utils (~> 1.0.0.beta1)
      http_router (= 0.11.2)
      rack (~> 2.0)
    hanami-utils (1.0.0.beta2)
    hanami-validations (1.0.0.beta1)
      dry-validation (~> 0.10)
      hanami-utils (~> 1.0.0.beta1)
    hanami-view (1.0.0.beta1)
      hanami-utils (~> 1.0.0.beta1)
      tilt (~> 2.0, >= 2.0.1)
    http_router (0.11.2)
      rack (>= 1.0.0)
      url_mount (~> 0.2.1)
    i18n (0.8.0)
    ice_nine (0.11.2)
    inflecto (0.0.2)
    jsonapi-serializers (0.16.1)
      activesupport
    jwt (1.5.6)
    koala (2.5.0)
      addressable
      faraday
    mail (2.6.4)
      mime-types (>= 1.16, < 4)
    method_source (0.8.2)
    mime-types (3.1)
      mime-types-data (~> 3.2015)
    mime-types-data (3.2016.0521)
    minitest (5.10.1)
    multipart-post (2.0.0)
    pg (0.19.0)
    pry (0.10.4)
      coderay (~> 1.1.0)
      method_source (~> 0.8.1)
      slop (~> 3.4)
    pry-byebug (3.4.2)
      byebug (~> 9.0)
      pry (~> 0.10)
    public_suffix (2.0.5)
    puma (3.7.1)
    rack (2.0.1)
    rack-cors (0.4.1)
    rack-test (0.6.3)
      rack (>= 1.0)
    rake (12.0.0)
    roda (2.22.0)
      rack
    rodauth (1.8.0)
      roda (>= 2.6.0)
      sequel (>= 4)
    rom (3.1.0)
      concurrent-ruby (~> 1.0)
      dry-core (~> 0.2, >= 0.2.3)
      dry-equalizer (~> 0.2)
      dry-initializer (~> 0.10, >= 0.10.2)
      dry-types (~> 0.9, >= 0.9.4)
      rom-mapper (~> 0.5)
    rom-mapper (0.5.0)
      dry-core (~> 0.2.3)
      dry-equalizer (~> 0.2)
      transproc (~> 1.0)
    rom-repository (1.2.0)
      dry-core (~> 0.2, >= 0.2.1)
      dry-struct (~> 0.1)
      rom (~> 3.1)
      rom-mapper (~> 0.5)
    rom-sql (1.1.2)
      dry-core (~> 0.2, >= 0.2.3)
      dry-equalizer (~> 0.2)
      dry-types (~> 0.9, >= 0.9.4)
      rom (~> 3.1)
      sequel (~> 4.43)
    rspec (3.5.0)
      rspec-core (~> 3.5.0)
      rspec-expectations (~> 3.5.0)
      rspec-mocks (~> 3.5.0)
    rspec-core (3.5.4)
      rspec-support (~> 3.5.0)
    rspec-expectations (3.5.0)
      diff-lcs (>= 1.2.0, < 2.0)
      rspec-support (~> 3.5.0)
    rspec-mocks (3.5.0)
      diff-lcs (>= 1.2.0, < 2.0)
      rspec-support (~> 3.5.0)
    rspec-support (3.5.0)
    sequel (4.43.0)
    shotgun (0.9.2)
      rack (>= 1.0)
    slop (3.6.0)
    thor (0.19.4)
    thread_safe (0.3.5)
    tilt (2.0.6)
    transproc (1.0.2)
    tzinfo (1.2.2)
      thread_safe (~> 0.1)
    url_mount (0.2.1)
      rack

PLATFORMS
  ruby

DEPENDENCIES
  bcrypt
  cors
  database_cleaner
  dotenv (~> 2.0)
  hanami (= 1.0.0.beta2)
  hanami-model (= 1.0.0.beta2)
  jsonapi-serializers
  jwt
  koala (~> 2.2)
  pg
  pry-byebug
  puma
  rack-cors
  rack-test
  rake
  rodauth
  rspec
  shotgun

RUBY VERSION
   ruby 2.4.0p0

BUNDLED WITH
   1.14.6
