GEM
  remote: https://rubygems.org/
  specs:
    activesupport (5.0.0.1)
      concurrent-ruby (~> 1.0, >= 1.0.2)
      i18n (~> 0.7)
      minitest (~> 5.1)
      tzinfo (~> 1.1)
    bcrypt (3.1.11)
    byebug (9.0.6)
    coderay (1.1.1)
    concurrent-ruby (1.0.2)
    cors (1.0.0)
    database_cleaner (1.5.3)
    diff-lcs (1.2.5)
    dotenv (2.1.1)
    dry-configurable (0.3.0)
      concurrent-ruby (~> 1.0)
    dry-container (0.5.0)
      concurrent-ruby (~> 1.0)
      dry-configurable (~> 0.1, >= 0.1.3)
    dry-core (0.2.1)
      concurrent-ruby (~> 1.0)
    dry-equalizer (0.2.0)
    dry-logic (0.4.0)
      dry-container (~> 0.2, >= 0.2.6)
      dry-core (~> 0.1)
      dry-equalizer (~> 0.2)
    dry-types (0.9.2)
      concurrent-ruby (~> 1.0)
      dry-configurable (~> 0.1)
      dry-container (~> 0.3)
      dry-core (~> 0.2)
      dry-equalizer (~> 0.2)
      dry-logic (~> 0.4, >= 0.4.0)
      inflecto (~> 0.0.0, >= 0.0.2)
    dry-validation (0.10.3)
      concurrent-ruby (~> 1.0)
      dry-configurable (~> 0.1, >= 0.1.3)
      dry-container (~> 0.2, >= 0.2.8)
      dry-core (~> 0.1)
      dry-equalizer (~> 0.2)
      dry-logic (~> 0.4, >= 0.4.0)
      dry-types (~> 0.9, >= 0.9.0)
    hanami (0.9.1)
      bundler (~> 1.13)
      concurrent-ruby (~> 1.0)
      hanami-assets (~> 0.4)
      hanami-controller (~> 0.8)
      hanami-helpers (~> 0.5)
      hanami-mailer (~> 0.4)
      hanami-router (~> 0.8, >= 0.8.1)
      hanami-utils (~> 0.9)
      hanami-validations (~> 0.7)
      hanami-view (~> 0.8)
      thor (~> 0.19)
    hanami-assets (0.4.0)
      hanami-helpers (~> 0.5)
      hanami-utils (~> 0.9)
      tilt (~> 2.0, >= 2.0.2)
    hanami-controller (0.8.0)
      hanami-utils (~> 0.9)
      rack (~> 1.6, >= 1.6.2)
    hanami-helpers (0.5.0)
      hanami-utils (~> 0.9)
    hanami-mailer (0.4.0)
      hanami-utils (~> 0.9)
      mail (~> 2.5)
      tilt (~> 2.0, >= 2.0.1)
    hanami-model (0.7.0)
      concurrent-ruby (~> 1.0)
      dry-types (~> 0.9)
      hanami-utils (~> 0.8)
      rom-repository (~> 0.3)
      rom-sql (~> 0.9)
    hanami-router (0.8.1)
      hanami-utils (~> 0.9, >= 0.9.1)
      http_router (~> 0.11)
      rack (~> 1.6)
    hanami-utils (0.9.1)
    hanami-validations (0.7.1)
      dry-validation (~> 0.10)
      hanami-utils (~> 0.9)
    hanami-view (0.8.0)
      hanami-utils (~> 0.9)
      tilt (~> 2.0, >= 2.0.1)
    http_router (0.11.2)
      rack (>= 1.0.0)
      url_mount (~> 0.2.1)
    i18n (0.7.0)
    inflecto (0.0.2)
    jsonapi-serializers (0.16.1)
      activesupport
    jwt (1.5.6)
    mail (2.6.4)
      mime-types (>= 1.16, < 4)
    method_source (0.8.2)
    mime-types (3.1)
      mime-types-data (~> 3.2015)
    mime-types-data (3.2016.0521)
    minitest (5.9.1)
    pg (0.19.0)
    pry (0.10.4)
      coderay (~> 1.1.0)
      method_source (~> 0.8.1)
      slop (~> 3.4)
    pry-byebug (3.4.0)
      byebug (~> 9.0)
      pry (~> 0.10)
    puma (3.6.2)
    rack (1.6.5)
    rack-cors (0.4.0)
    rack-test (0.6.3)
      rack (>= 1.0)
    rake (11.3.0)
    roda (2.20.0)
      rack
    rodauth (1.6.0)
      roda (>= 2.6.0)
      sequel (>= 4)
    rom (2.0.2)
      concurrent-ruby (~> 1.0)
      dry-equalizer (~> 0.2)
      dry-types (~> 0.8)
      rom-mapper (~> 0.4.0)
      rom-support (~> 2.0)
    rom-mapper (0.4.0)
      dry-equalizer (~> 0.2)
      rom-support (~> 2.0.0)
      transproc (~> 0.4.0)
    rom-repository (0.3.1)
      rom (~> 2.0)
      rom-mapper (~> 0.4)
      rom-support (~> 2.0)
    rom-sql (0.9.0)
      dry-core (~> 0.2)
      dry-equalizer (~> 0.2)
      dry-types (~> 0.9)
      rom (~> 2.0)
      rom-support (~> 2.0)
      sequel (~> 4.25)
    rom-support (2.0.0)
      concurrent-ruby (~> 1.0)
      dry-equalizer (~> 0.2)
      transproc (~> 0.4.0)
      wisper (~> 1.6, >= 1.6.0)
    rspec (3.5.0)
      rspec-core (~> 3.5.0)
      rspec-expectations (~> 3.5.0)
      rspec-mocks (~> 3.5.0)
    rspec-core (3.5.4)
      rspec-support (~> 3.5.0)
    rspec-expectations (3.5.0)
      diff-lcs (>= 1.2.0, < 2.0)
      rspec-support (~> 3.5.0)
    rspec-mocks (3.5.0)
      diff-lcs (>= 1.2.0, < 2.0)
      rspec-support (~> 3.5.0)
    rspec-support (3.5.0)
    sequel (4.40.0)
    shotgun (0.9.2)
      rack (>= 1.0)
    slop (3.6.0)
    thor (0.19.1)
    thread_safe (0.3.5)
    tilt (2.0.5)
    transproc (0.4.1)
    tzinfo (1.2.2)
      thread_safe (~> 0.1)
    url_mount (0.2.1)
      rack
    wisper (1.6.1)

PLATFORMS
  ruby

DEPENDENCIES
  bcrypt
  bundler
  cors
  database_cleaner
  dotenv (~> 2.0)
  hanami (~> 0.9)
  hanami-model (~> 0.7)
  jsonapi-serializers
  jwt
  pg
  pry-byebug
  puma
  rack-cors
  rack-test
  rake
  rodauth
  rspec
  shotgun

RUBY VERSION
   ruby 2.3.1p112

BUNDLED WITH
   1.13.6
